GEM
  remote: https://rubygems.org/
  specs:
    byebug (10.0.2)
    metaclass (0.0.4)
    mocha (1.6.0)
      metaclass (~> 0.0.1)
    mustermann (1.0.2)
    rack (2.0.5)
    rack-protection (2.0.3)
      rack
    rack-test (1.1.0)
      rack (>= 1.0, < 3)
    redis (4.0.1)
    sinatra (2.0.3)
      mustermann (~> 1.0)
      rack (~> 2.0)
      rack-protection (= 2.0.3)
      tilt (~> 2.0)
    tilt (2.0.8)
    victor (0.2.1)

PLATFORMS
  ruby

DEPENDENCIES
  byebug
  mocha
  rack-test
  redis
  sinatra
  victor

BUNDLED WITH
   1.16.1
